GEM
  remote: https://rubygems.org/
  specs:
    addressable (2.7.0)
      public_suffix (>= 2.0.2, < 5.0)
    asciidoctor (1.5.8)
    asciidoctor-latex (1.5.0.17.dev)
      asciidoctor (~> 1.5, >= 1.5.2)
      htmlentities (~> 4.3)
      opal (~> 0.6.3)
    concurrent-ruby (1.1.7)
    htmlentities (4.3.4)
    json (2.5.1)
    mini_portile2 (2.4.0)
    nokogiri (1.10.10)
      mini_portile2 (~> 2.4.0)
    opal (0.6.3)
      source_map
      sprockets
    opengraph_parser (0.2.3)
      addressable
      nokogiri
    public_suffix (4.0.6)
    rack (2.2.3)
    source_map (3.0.1)
      json
    sprockets (4.0.2)
      concurrent-ruby (~> 1.0)
      rack (> 1, < 3)

PLATFORMS
  ruby

DEPENDENCIES
  asciidoctor-latex
  nokogiri
  opengraph_parser

BUNDLED WITH
   1.17.2
