GEM
  remote: https://rubygems.org/
  specs:
    addressable (2.8.1)
      public_suffix (>= 2.0.2, < 6.0)
    asciidoctor (2.0.17)
    mini_portile2 (2.8.1)
    nokogiri (1.13.10)
      mini_portile2 (~> 2.8.0)
      racc (~> 1.4)
    opengraph_parser (0.2.5)
      addressable
      nokogiri
    public_suffix (5.0.1)
    racc (1.6.2)

PLATFORMS
  ruby

DEPENDENCIES
  asciidoctor (= 2.0.17)
  nokogiri
  opengraph_parser

BUNDLED WITH
   2.3.7
