GEM
  remote: https://rubygems.org/
  specs:
    addressable (2.8.0)
      public_suffix (>= 2.0.2, < 5.0)
    asciidoctor (2.0.17)
    mini_portile2 (2.7.1)
    nokogiri (1.13.1)
      mini_portile2 (~> 2.7.0)
      racc (~> 1.4)
    opengraph_parser (0.2.4)
      addressable
      nokogiri
    public_suffix (4.0.6)
    racc (1.6.0)

PLATFORMS
  ruby

DEPENDENCIES
  asciidoctor (= 2.0.17)
  nokogiri
  opengraph_parser

BUNDLED WITH
   2.3.7
