GEM
  remote: https://rubygems.org/
  specs:
    addressable (2.5.2)
      public_suffix (>= 2.0.2, < 4.0)
    asciidoctor (1.5.8)
    asciidoctor-latex (1.5.0.17.dev)
      asciidoctor (~> 1.5, >= 1.5.2)
      htmlentities (~> 4.3)
      opal (~> 0.6.3)
    concurrent-ruby (1.1.3)
    htmlentities (4.3.4)
    json (2.1.0)
    mini_portile2 (2.4.0)
    nokogiri (1.10.4)
      mini_portile2 (~> 2.4.0)
    opal (0.6.3)
      source_map
      sprockets
    opengraph_parser (0.2.3)
      addressable
      nokogiri
    public_suffix (3.0.3)
    rack (2.0.8)
    source_map (3.0.1)
      json
    sprockets (3.7.2)
      concurrent-ruby (~> 1.0)
      rack (> 1, < 3)

PLATFORMS
  ruby

DEPENDENCIES
  asciidoctor-latex
  nokogiri
  opengraph_parser

BUNDLED WITH
   1.16.4
